GEM
  remote: https://rubygems.org/
  specs:
    activemodel (3.2.13)
      activesupport (= 3.2.13)
      builder (~> 3.0.0)
    activesupport (3.2.13)
      i18n (= 0.6.1)
      multi_json (~> 1.0)
    aws-s3 (0.6.3)
      builder
      mime-types
      xml-simple
    builder (3.0.0)
    daemons (1.1.8)
    eventmachine (0.12.10)
    faraday (0.8.7)
      multipart-post (~> 1.1)
    haml (3.1.4)
    i18n (0.6.1)
    mime-types (1.23)
    mini_magick (3.6.0)
      subexec (~> 0.2.1)
    mongoid (3.1.4)
      activemodel (~> 3.2)
      moped (~> 1.4)
      origin (~> 1.0)
      tzinfo (~> 0.3.22)
    moped (1.5.0)
    multi_json (1.1.0)
    multipart-post (1.2.0)
    nokogiri (1.5.0)
    origin (1.1.0)
    rack (1.4.1)
    rack-protection (1.2.0)
      rack
    simple_oauth (0.2.0)
    sinatra (1.3.2)
      rack (~> 1.3, >= 1.3.6)
      rack-protection (~> 1.2)
      tilt (~> 1.3, >= 1.3.3)
    sinatra-flash (0.3.0)
      sinatra (>= 1.0.0)
    subexec (0.2.3)
    thin (1.3.1)
      daemons (>= 1.0.9)
      eventmachine (>= 0.12.6)
      rack (>= 1.0.0)
    tilt (1.3.3)
    twitter (4.8.1)
      faraday (~> 0.8, < 0.10)
      multi_json (~> 1.0)
      simple_oauth (~> 0.2)
    tzinfo (0.3.37)
    xml-simple (1.1.2)

PLATFORMS
  ruby

DEPENDENCIES
  aws-s3 (~> 0.6.3)
  haml (~> 3.1.4)
  mini_magick
  mongoid (~> 3.1.4)
  nokogiri (~> 1.5.0)
  sinatra (~> 1.3.2)
  sinatra-flash (~> 0.3.0)
  thin (~> 1.3.1)
  twitter (~> 4.8.1)
