GIT
  remote: https://github.com/sferik/twitter.git
  revision: 166dc536cd9b8898c44dc90b149c2a0d5ce05b00
  tag: v2.1.0
  specs:
    twitter (2.1.0)
      activesupport (>= 2.3.9, < 4)
      faraday (~> 0.7)
      multi_json (~> 1.0)
      simple_oauth (~> 0.1)

GEM
  remote: http://rubygems.org/
  specs:
    activemodel (3.2.2)
      activesupport (= 3.2.2)
      builder (~> 3.0.0)
    activesupport (3.2.2)
      i18n (~> 0.6)
      multi_json (~> 1.0)
    aws-s3 (0.6.2)
      builder
      mime-types
      xml-simple
    builder (3.0.0)
    daemons (1.1.8)
    eventmachine (0.12.10)
    faraday (0.8.4)
      multipart-post (~> 1.1)
    haml (3.1.4)
    i18n (0.6.0)
    mime-types (1.17.2)
    mongoid (3.0.4)
      activemodel (~> 3.1)
      moped (~> 1.1)
      origin (~> 1.0)
      tzinfo (~> 0.3.22)
    moped (1.2.0)
    multi_json (1.1.0)
    multipart-post (1.1.5)
    nokogiri (1.5.0)
    origin (1.0.6)
    rack (1.4.1)
    rack-protection (1.2.0)
      rack
    rmagick (2.12.2)
    simple_oauth (0.2.0)
    sinatra (1.3.2)
      rack (~> 1.3, >= 1.3.6)
      rack-protection (~> 1.2)
      tilt (~> 1.3, >= 1.3.3)
    sinatra-flash (0.3.0)
      sinatra (>= 1.0.0)
    thin (1.3.1)
      daemons (>= 1.0.9)
      eventmachine (>= 0.12.6)
      rack (>= 1.0.0)
    tilt (1.3.3)
    tzinfo (0.3.33)
    xml-simple (1.1.1)

PLATFORMS
  ruby

DEPENDENCIES
  aws-s3 (~> 0.6.2)
  haml (~> 3.1.4)
  mongoid (~> 3.0.4)
  nokogiri (~> 1.5.0)
  rmagick (= 2.12.2)
  sinatra (~> 1.3.2)
  sinatra-flash (~> 0.3.0)
  thin (~> 1.3.1)
  twitter!
